GIT
  remote: git://github.com/clayallsopp/formotion.git
  revision: 829ab8ef8205fd8d53453747ac4b9683c4de2ccb
  specs:
    formotion (1.8)
      bubble-wrap (>= 1.4.0)
      motion-require (>= 0.1.0)

GIT
  remote: git://github.com/clearsightstudio/ProMotion.git
  revision: eaa02d023389454e54e40c3113e1febd50240bd3
  specs:
    ProMotion (2.0.0)
      methadone (~> 1.4)

PATH
  remote: ../BubbleWrap
  specs:
    bubble-wrap (1.7.0)
      bubble-wrap-http (= 1.7.0)

GEM
  remote: https://rubygems.org/
  specs:
    activesupport (3.2.19)
      i18n (~> 0.6, >= 0.6.4)
      multi_json (~> 1.0)
    afmotion (2.3.1)
      motion-cocoapods (>= 1.4.1)
      motion-require (>= 0.1)
    bubble-wrap-http (1.7.0)
    claide (0.6.1)
    cocoapods (0.33.1)
      activesupport (>= 3.2.15, < 4)
      claide (~> 0.6.1)
      cocoapods-core (= 0.33.1)
      cocoapods-downloader (~> 0.6.1)
      cocoapods-plugins (~> 0.2.0)
      cocoapods-trunk (~> 0.1.1)
      cocoapods-try (~> 0.3.0)
      colored (~> 1.2)
      escape (~> 0.0.4)
      json_pure (~> 1.8)
      nap (~> 0.7)
      open4 (~> 1.3)
      xcodeproj (~> 0.17.0)
    cocoapods-core (0.33.1)
      activesupport (>= 3.2.15)
      fuzzy_match (~> 2.0.4)
      json_pure (~> 1.8)
      nap (~> 0.5)
    cocoapods-downloader (0.6.1)
    cocoapods-plugins (0.2.0)
      nap
    cocoapods-trunk (0.1.4)
      json_pure (~> 1.8)
      nap (>= 0.6)
      netrc
    cocoapods-try (0.3.0)
    colored (1.2)
    escape (0.0.4)
    fuzzy_match (2.0.4)
    i18n (0.6.11)
    json_pure (1.8.1)
    methadone (1.5.1)
      bundler
    motion-cocoapods (1.5.0)
      cocoapods (>= 0.32.1)
    motion-require (0.2.0)
    motion_print (0.0.1)
    multi_json (1.10.1)
    nap (0.8.0)
    netrc (0.7.7)
    open4 (1.3.4)
    ruby_motion_query (0.6.1)
    xcodeproj (0.17.0)
      activesupport (~> 3.0)
      colored (~> 1.2)

PLATFORMS
  ruby

DEPENDENCIES
  ProMotion!
  afmotion
  bubble-wrap!
  formotion!
  motion-cocoapods
  motion_print
  ruby_motion_query
