GIT
  remote: git://github.com/clayallsopp/formotion.git
  revision: 1a411de24d58591a5ac64c17b78d305dc85a98c5
  specs:
    formotion (1.8)
      bubble-wrap (>= 1.4.0)
      motion-require (>= 0.1.0)

GIT
  remote: git://github.com/clearsightstudio/ProMotion.git
  revision: 77b86eaf33295a86adfdfa040e20f9737ce16844
  specs:
    ProMotion (2.1.0.beta1)
      methadone (~> 1.7)

GIT
  remote: git://github.com/rubymotion/BubbleWrap.git
  revision: 301e25f52c508b423216a99ff31f1c4542cddf71
  specs:
    bubble-wrap (1.7.1)
      bubble-wrap-http (= 1.7.1)

GEM
  remote: https://rubygems.org/
  specs:
    activesupport (3.2.20)
      i18n (~> 0.6, >= 0.6.4)
      multi_json (~> 1.0)
    afmotion (2.4.1)
      motion-cocoapods (>= 1.4.1)
      motion-require (>= 0.1)
    bubble-wrap-http (1.7.1)
    claide (0.7.0)
    cocoapods (0.34.4)
      activesupport (>= 3.2.15, < 4)
      claide (~> 0.7.0)
      cocoapods-core (= 0.34.4)
      cocoapods-downloader (~> 0.7.2)
      cocoapods-plugins (~> 0.3.1)
      cocoapods-trunk (~> 0.3.1)
      cocoapods-try (~> 0.4.1)
      colored (~> 1.2)
      escape (~> 0.0.4)
      json_pure (~> 1.8)
      nap (~> 0.8)
      open4 (~> 1.3)
      xcodeproj (~> 0.19.4)
    cocoapods-core (0.34.4)
      activesupport (>= 3.2.15)
      fuzzy_match (~> 2.0.4)
      json_pure (~> 1.8)
      nap (~> 0.8.0)
    cocoapods-downloader (0.7.2)
    cocoapods-plugins (0.3.2)
      nap
    cocoapods-trunk (0.3.1)
      json_pure (~> 1.8)
      nap (>= 0.8)
      netrc (= 0.7.8)
    cocoapods-try (0.4.2)
    colored (1.2)
    escape (0.0.4)
    fuzzy_match (2.0.4)
    i18n (0.6.11)
    json_pure (1.8.1)
    methadone (1.8.0)
      bundler
    motion-cocoapods (1.7.0)
      cocoapods (>= 0.34)
    motion-require (0.2.0)
    motion_print (0.0.3)
    multi_json (1.10.1)
    nap (0.8.0)
    netrc (0.7.8)
    open4 (1.3.4)
    ruby_motion_query (0.8.0)
    xcodeproj (0.19.4)
      activesupport (~> 3.0)
      colored (~> 1.2)

PLATFORMS
  ruby

DEPENDENCIES
  ProMotion!
  afmotion
  bubble-wrap!
  formotion!
  motion-cocoapods
  motion_print
  ruby_motion_query
