GIT
  remote: git://github.com/clayallsopp/formotion.git
  revision: b2f9edf443e5cef35973c634119cef3561e59b07
  branch: master
  specs:
    formotion (1.7)
      bubble-wrap (>= 1.4.0)
      motion-require (>= 0.1.0)

GIT
  remote: git://github.com/rubymotion/BubbleWrap.git
  revision: f30f03205bcb80a4e0de23487c48f5ecc101290b
  branch: master
  specs:
    bubble-wrap (1.5.0)

GEM
  remote: https://rubygems.org/
  specs:
    ProMotion (1.2.0)
      methadone (~> 1.3)
      motion-require (~> 0.2)
    activesupport (3.2.17)
      i18n (~> 0.6, >= 0.6.4)
      multi_json (~> 1.0)
    afmotion (2.1.2)
      motion-cocoapods (~> 1.4.0)
      motion-require (>= 0.1)
    awesome_print_motion (0.1.0)
    claide (0.5.0)
    cocoapods (0.31.1)
      activesupport (>= 3.2.15, < 4)
      claide (~> 0.5.0)
      cocoapods-core (= 0.31.1)
      cocoapods-downloader (~> 0.4.1)
      cocoapods-try (~> 0.2.0)
      colored (~> 1.2)
      escape (~> 0.0.4)
      json_pure (~> 1.8)
      nap (~> 0.5)
      open4 (~> 1.3)
      xcodeproj (~> 0.16.0)
    cocoapods-core (0.31.1)
      activesupport (>= 3.2.15, < 4)
      fuzzy_match (~> 2.0.4)
      json_pure (~> 1.8)
      nap (~> 0.5)
    cocoapods-downloader (0.4.1)
    cocoapods-try (0.2.0)
    colored (1.2)
    escape (0.0.4)
    fuzzy_match (2.0.4)
    i18n (0.6.9)
    json_pure (1.8.1)
    methadone (1.3.2)
      bundler
    motion-cocoapods (1.4.0)
      cocoapods (>= 0.26.2)
    motion-require (0.2.0)
    multi_json (1.9.2)
    nap (0.6.0)
    open4 (1.3.3)
    ruby_motion_query (0.5.6)
    xcodeproj (0.16.0)
      activesupport (~> 3.0)
      colored (~> 1.2)

PLATFORMS
  ruby

DEPENDENCIES
  ProMotion
  afmotion (~> 2.1.0)
  awesome_print_motion
  bubble-wrap!
  formotion!
  motion-cocoapods
  ruby_motion_query
