GIT
  remote: git://github.com/clearsightstudio/ProMotion.git
  revision: 332be61c93f2dadd9b13a0480ea09ae070aa0c11
  branch: edge
  specs:
    ProMotion (1.1.1)
      methadone
      motion-require (>= 0.0.6)

GIT
  remote: git://github.com/markrickert/formotion.git
  revision: 3a62fd7eb69fa893c96b608b0e7c7f09f8db675a
  branch: textables
  specs:
    formotion (1.7)
      bubble-wrap (>= 1.4.0)
      motion-require (~> 0.1.0)

PATH
  remote: ../BubbleWrap
  specs:
    bubble-wrap (1.5.0.rc1)

PATH
  remote: ../rmq/
  specs:
    ruby_motion_query (0.5.5)

GEM
  remote: https://rubygems.org/
  specs:
    activesupport (3.2.17)
      i18n (~> 0.6, >= 0.6.4)
      multi_json (~> 1.0)
    afmotion (2.1.1)
      motion-cocoapods (~> 1.4.0)
      motion-require (~> 0.1.0)
    awesome_print_motion (0.1.0)
    claide (0.4.0)
    cocoapods (0.29.0)
      activesupport (>= 3.2.15, < 4)
      claide (~> 0.4.0)
      cocoapods-core (= 0.29.0)
      cocoapods-downloader (~> 0.3.0)
      cocoapods-try-release-fix (~> 0.1.1)
      colored (~> 1.2)
      escape (~> 0.0.4)
      json_pure (~> 1.8)
      nap (~> 0.5)
      open4 (~> 1.3)
      xcodeproj (~> 0.14.1)
    cocoapods-core (0.29.0)
      activesupport (>= 3.2.15, < 4)
      fuzzy_match (~> 2.0.4)
      json_pure (~> 1.8)
      nap (~> 0.5)
    cocoapods-downloader (0.3.0)
    cocoapods-try-release-fix (0.1.2)
    colored (1.2)
    escape (0.0.4)
    fuzzy_match (2.0.4)
    i18n (0.6.9)
    json_pure (1.8.1)
    methadone (1.3.2)
      bundler
    motion-cocoapods (1.4.0)
      cocoapods (>= 0.26.2)
    motion-require (0.1.1)
    multi_json (1.8.4)
    nap (0.6.0)
    open4 (1.3.2)
    rake (10.1.1)
    xcodeproj (0.14.1)
      activesupport (~> 3.0)
      colored (~> 1.2)
      rake

PLATFORMS
  ruby

DEPENDENCIES
  ProMotion!
  afmotion (~> 2.1.0)
  awesome_print_motion
  bubble-wrap!
  formotion!
  motion-cocoapods
  ruby_motion_query!
