GIT
  remote: git://github.com/clayallsopp/formotion.git
  revision: 5a09385703ef0be252d6367db8580eb538cbaeb3
  specs:
    formotion (1.8)
      bubble-wrap (>= 1.4.0)
      motion-require (>= 0.1.0)

GIT
  remote: git://github.com/clearsightstudio/ProMotion.git
  revision: d989620adbbbefb2ad9007b4c66cb5bc6118c531
  specs:
    ProMotion (2.0.0.rc4)
      methadone (~> 1.4)

GIT
  remote: git://github.com/rubymotion/BubbleWrap.git
  revision: 90bcc7936153340adb5e9ab47954cbe7de063637
  specs:
    bubble-wrap (1.6.0)
      bubble-wrap-http (= 1.6.0)

PATH
  remote: ../motion_print
  specs:
    motion_print (0.0.1)

GEM
  remote: https://rubygems.org/
  specs:
    activesupport (3.2.18)
      i18n (~> 0.6, >= 0.6.4)
      multi_json (~> 1.0)
    afmotion (2.1.4)
      motion-cocoapods (~> 1.4.0)
      motion-require (>= 0.1)
    bubble-wrap-http (1.6.0)
    claide (0.5.0)
    cocoapods (0.32.1)
      activesupport (>= 3.2.15, < 4)
      claide (~> 0.5.0)
      cocoapods-core (= 0.32.1)
      cocoapods-downloader (~> 0.5.0)
      cocoapods-try (~> 0.2.0)
      colored (~> 1.2)
      escape (~> 0.0.4)
      json_pure (~> 1.8)
      nap (~> 0.7)
      open4 (~> 1.3)
      xcodeproj (~> 0.16.1)
    cocoapods-core (0.32.1)
      activesupport (>= 3.2.15, < 4)
      fuzzy_match (~> 2.0.4)
      json_pure (~> 1.8)
      nap (~> 0.5)
    cocoapods-downloader (0.5.0)
    cocoapods-try (0.2.0)
    colored (1.2)
    escape (0.0.4)
    fuzzy_match (2.0.4)
    i18n (0.6.9)
    json_pure (1.8.1)
    methadone (1.5.0)
      bundler
    motion-cocoapods (1.4.2)
      cocoapods (>= 0.32.1)
    motion-require (0.2.0)
    multi_json (1.10.0)
    nap (0.7.0)
    open4 (1.3.4)
    ruby_motion_query (0.5.7)
    xcodeproj (0.16.1)
      activesupport (~> 3.0)
      colored (~> 1.2)

PLATFORMS
  ruby

DEPENDENCIES
  ProMotion!
  afmotion (~> 2.1.0)
  bubble-wrap!
  formotion!
  motion-cocoapods
  motion_print!
  ruby_motion_query
